PATH
  remote: ../Cyclid-core
  specs:
    cyclid-core (0.1.1)
      rack (~> 1.6)

PATH
  remote: .
  specs:
    cyclid-client (0.4.0)
      bcrypt (~> 3.1)
      colorize (~> 0.7)
      cyclid-core (~> 0.1)
      oj (~> 2.15)
      require_all (~> 1.3)
      thor (~> 0.19)

GEM
  remote: https://rubygems.org/
  specs:
    addressable (2.4.0)
    ast (2.3.0)
    bcrypt (3.1.11)
    colorize (0.8.1)
    crack (0.4.3)
      safe_yaml (~> 1.0.0)
    diff-lcs (1.2.5)
    docile (1.1.5)
    hashdiff (0.3.0)
    json (2.0.2)
    oj (2.17.5)
    parser (2.3.1.4)
      ast (~> 2.2)
    powerpack (0.1.1)
    rack (1.6.4)
    rainbow (2.1.0)
    rake (11.3.0)
    require_all (1.3.3)
    rspec (3.5.0)
      rspec-core (~> 3.5.0)
      rspec-expectations (~> 3.5.0)
      rspec-mocks (~> 3.5.0)
    rspec-core (3.5.4)
      rspec-support (~> 3.5.0)
    rspec-expectations (3.5.0)
      diff-lcs (>= 1.2.0, < 2.0)
      rspec-support (~> 3.5.0)
    rspec-mocks (3.5.0)
      diff-lcs (>= 1.2.0, < 2.0)
      rspec-support (~> 3.5.0)
    rspec-support (3.5.0)
    rubocop (0.44.1)
      parser (>= 2.3.1.1, < 3.0)
      powerpack (~> 0.1)
      rainbow (>= 1.99.1, < 3.0)
      ruby-progressbar (~> 1.7)
      unicode-display_width (~> 1.0, >= 1.0.1)
    ruby-progressbar (1.8.1)
    rubygems-tasks (0.2.4)
    safe_yaml (1.0.4)
    simplecov (0.12.0)
      docile (~> 1.1.0)
      json (>= 1.8, < 3)
      simplecov-html (~> 0.10.0)
    simplecov-html (0.10.0)
    thor (0.19.1)
    unicode-display_width (1.1.1)
    webmock (2.1.0)
      addressable (>= 2.3.6)
      crack (>= 0.3.2)
      hashdiff
    yard (0.9.5)

PLATFORMS
  ruby

DEPENDENCIES
  cyclid-client!
  cyclid-core!
  rake
  rspec
  rubocop
  rubygems-tasks
  simplecov
  webmock
  yard

BUNDLED WITH
   1.14.3
