GEM
  remote: https://rubygems.org/
  specs:
    ast (2.2.0)
    parser (2.3.0.7)
      ast (~> 2.2)
    powerpack (0.1.1)
    rack (1.6.4)
    rainbow (2.1.0)
    rake (11.1.2)
    require_all (1.3.3)
    rubocop (0.39.0)
      parser (>= 2.3.0.7, < 3.0)
      powerpack (~> 0.1)
      rainbow (>= 1.99.1, < 3.0)
      ruby-progressbar (~> 1.7)
      unicode-display_width (~> 1.0, >= 1.0.1)
    ruby-progressbar (1.7.5)
    thor (0.19.1)
    unicode-display_width (1.0.3)

PLATFORMS
  ruby

DEPENDENCIES
  rack
  rake
  require_all
  rubocop
  thor

BUNDLED WITH
   1.11.2
